GIT
  remote: git://github.com/gregbell/active_admin.git
  revision: 8ec04cfbf8fd23093815a939f19f82b2b8079fd1
  specs:
    activeadmin (1.0.0.pre)
      arbre (~> 1.0)
      bourbon
      coffee-rails
      formtastic (~> 2.3.0.rc3)
      inherited_resources (~> 1.4.1)
      jquery-rails
      jquery-ui-rails
      kaminari (~> 0.15)
      rails (>= 3.2, < 4.2)
      ransack (~> 1.0)
      sass-rails

GEM
  remote: http://rubygems.org/
  specs:
    actionmailer (4.1.1)
      actionpack (= 4.1.1)
      actionview (= 4.1.1)
      mail (~> 2.5.4)
    actionpack (4.1.1)
      actionview (= 4.1.1)
      activesupport (= 4.1.1)
      rack (~> 1.5.2)
      rack-test (~> 0.6.2)
    actionview (4.1.1)
      activesupport (= 4.1.1)
      builder (~> 3.1)
      erubis (~> 2.7.0)
    active_link_to (1.0.3)
      actionpack
    activemodel (4.1.1)
      activesupport (= 4.1.1)
      builder (~> 3.1)
    activerecord (4.1.1)
      activemodel (= 4.1.1)
      activesupport (= 4.1.1)
      arel (~> 5.0.0)
    activesupport (4.1.1)
      i18n (~> 0.6, >= 0.6.9)
      json (~> 1.7, >= 1.7.7)
      minitest (~> 5.1)
      thread_safe (~> 0.1)
      tzinfo (~> 1.1)
    acts_as_list (0.3.0)
      activerecord (>= 3.0)
    addressable (2.3.6)
    annotate (2.7.0)
      activerecord (>= 3.2, < 6.0)
      rake (~> 10.4)
    arbre (1.0.1)
      activesupport (>= 3.0.0)
    arel (5.0.1.20140414130214)
    aws-sdk (2.2.11)
      aws-sdk-resources (= 2.2.11)
    aws-sdk-core (2.2.11)
      jmespath (~> 1.0)
    aws-sdk-resources (2.2.11)
      aws-sdk-core (= 2.2.11)
    bcrypt (3.1.7)
    better_errors (1.1.0)
      coderay (>= 1.0.0)
      erubis (>= 2.6.6)
    binding_of_caller (0.7.2)
      debug_inspector (>= 0.0.1)
    bootstrap-sass (3.1.1.1)
      sass (~> 3.2)
    bootstrap3-datetimepicker-rails (3.1.3)
      momentjs-rails (>= 2.8.1)
    bourbon (3.2.3)
      sass (~> 3.2)
      thor
    browser_details (0.0.6)
      useragent (>= 0.4)
    builder (3.2.2)
    bullet (5.0.0)
      activesupport (>= 3.0.0)
      uniform_notifier (~> 1.9.0)
    callsite (0.0.11)
    carrierwave (0.10.0)
      activemodel (>= 3.2.0)
      activesupport (>= 3.2.0)
      json (>= 1.7)
      mime-types (>= 1.16)
    carrierwave-aws (1.0.0)
      aws-sdk (~> 2.0)
      carrierwave (~> 0.7)
    ckeditor (4.0.11)
      mime-types
      orm_adapter (~> 0.5.0)
    coderay (1.1.0)
    coffee-rails (4.0.1)
      coffee-script (>= 2.2.0)
      railties (>= 4.0.0, < 5.0)
    coffee-script (2.2.0)
      coffee-script-source
      execjs
    coffee-script-source (1.7.0)
    countries (0.9.3)
      currencies (~> 0.4.2)
    css_splitter (0.4.2)
      sprockets (>= 2.0.0)
    currencies (0.4.2)
    debug_inspector (0.0.2)
    devise (3.2.4)
      bcrypt (~> 3.0)
      orm_adapter (~> 0.1)
      railties (>= 3.2.6, < 5)
      thread_safe (~> 0.1)
      warden (~> 1.2.3)
    devise_invitable (1.3.6)
      actionmailer (>= 3.2.6, < 5)
      devise (>= 3.2.0)
    erubis (2.7.0)
    execjs (2.2.0)
    file_validators (2.0.2)
      activemodel (>= 3.0)
      mime-types (>= 1.0)
    formtastic (2.3.0.rc3)
      actionpack (>= 3.0)
    fullcalendar-rails (2.3.1.0)
      jquery-rails (>= 3.1.1, < 5.0.0)
      momentjs-rails (~> 2.8, >= 2.8.4)
    git-version-bump (0.15.1)
    has_scope (0.6.0.rc)
      actionpack (>= 3.2, < 5)
      activesupport (>= 3.2, < 5)
    hike (1.2.3)
    httparty (0.13.1)
      json (~> 1.8)
      multi_xml (>= 0.5.2)
    i18n (0.7.0)
    inherited_resources (1.4.1)
      has_scope (~> 0.6.0.rc)
      responders (~> 1.0.0.rc)
    jbuilder (2.1.1)
      activesupport (>= 3.0.0, < 5)
      multi_json (~> 1.2)
    jmespath (1.1.3)
    jquery-rails (3.1.2)
      railties (>= 3.0, < 5.0)
      thor (>= 0.14, < 2.0)
    jquery-turbolinks (2.1.0)
      railties (>= 3.1.0)
      turbolinks
    jquery-ui-rails (4.2.1)
      railties (>= 3.2.16)
    json (1.8.3)
    kaminari (0.16.1)
      actionpack (>= 3.0.0)
      activesupport (>= 3.0.0)
    lograge (0.3.4)
      actionpack (>= 3)
      activesupport (>= 3)
      railties (>= 3)
    mail (2.5.4)
      mime-types (~> 1.16)
      treetop (~> 1.4.8)
    meta_request (0.3.4)
      callsite (~> 0.0, >= 0.0.11)
      rack-contrib (~> 1.1)
      railties (>= 3.0.0, < 5.0.0)
    method_source (0.8.2)
    mime-types (1.25.1)
    mini_magick (4.3.6)
    minitest (5.7.0)
    momentjs-rails (2.8.4)
      railties (>= 3.1)
    monologue (0.4.1)
      bcrypt (~> 3.1.7)
      ckeditor (~> 4.0.11)
      coffee-rails (~> 4.0.0)
      jquery-rails
      rails (>= 4.0.4)
      sass-rails (~> 4.0.0)
      select2-rails (~> 3.2)
      truncate_html
    multi_json (1.10.1)
    multi_xml (0.5.5)
    netrc (0.8.0)
    newrelic_rpm (3.14.1.311)
    opentok (2.2.1)
      activesupport (>= 2.0)
      addressable (~> 2.3)
      httparty (~> 0.8)
    orm_adapter (0.5.0)
    pg (0.17.1)
    phony (2.2.4)
    phony_rails (0.6.1)
      activesupport (>= 3.0)
      countries (>= 0.8.2)
      phony (~> 2.1)
    polyamorous (1.0.0)
      activerecord (>= 3.0)
    polyglot (0.3.5)
    pry (0.10.0)
      coderay (~> 1.1.0)
      method_source (~> 0.8.1)
      slop (~> 3.4)
    pundit (0.2.2)
      activesupport (>= 3.0.0)
    rack (1.5.5)
    rack-contrib (1.4.0)
      git-version-bump (~> 0.15)
      rack (~> 1.4)
    rack-mini-profiler (0.9.8)
      rack (>= 1.1.3)
    rack-test (0.6.3)
      rack (>= 1.0)
    rails (4.1.1)
      actionmailer (= 4.1.1)
      actionpack (= 4.1.1)
      actionview (= 4.1.1)
      activemodel (= 4.1.1)
      activerecord (= 4.1.1)
      activesupport (= 4.1.1)
      bundler (>= 1.3.0, < 2.0)
      railties (= 4.1.1)
      sprockets-rails (~> 2.0)
    railties (4.1.1)
      actionpack (= 4.1.1)
      activesupport (= 4.1.1)
      rake (>= 0.8.7)
      thor (>= 0.18.1, < 2.0)
    rake (10.4.2)
    ransack (1.2.3)
      actionpack (>= 3.0)
      activerecord (>= 3.0)
      activesupport (>= 3.0)
      i18n
      polyamorous (~> 1.0.0)
    rdoc (4.1.1)
      json (~> 1.4)
    remotipart (1.2.1)
    responders (1.0.0)
      railties (>= 3.2, < 5)
    rest-client (1.7.2)
      mime-types (>= 1.16, < 3.0)
      netrc (~> 0.7)
    rolify (3.4.1)
    route_downcaser (1.1.4)
    sass (3.2.19)
    sass-rails (4.0.3)
      railties (>= 4.0.0, < 5.0)
      sass (~> 3.2.0)
      sprockets (~> 2.8, <= 2.11.0)
      sprockets-rails (~> 2.0)
    sdoc (0.4.0)
      json (~> 1.8)
      rdoc (~> 4.0, < 5.0)
    select2-rails (3.5.9.3)
      thor (~> 0.14)
    sextant (0.2.4)
      rails (>= 3.2)
    simple_form (3.0.2)
      actionpack (~> 4.0)
      activemodel (~> 4.0)
    slop (3.5.0)
    spring (1.1.3)
    sprockets (2.11.0)
      hike (~> 1.2)
      multi_json (~> 1.0)
      rack (~> 1.0)
      tilt (~> 1.1, != 1.3.0)
    sprockets-rails (2.1.3)
      actionpack (>= 3.0)
      activesupport (>= 3.0)
      sprockets (~> 2.8)
    stripe (1.16.0)
      json (~> 1.8.1)
      mime-types (>= 1.25, < 3.0)
      rest-client (~> 1.4)
    stripe-rails (0.3.1)
      rails (>= 3)
      stripe
    thor (0.19.1)
    thread_safe (0.3.5)
    tilt (1.4.1)
    treetop (1.4.15)
      polyglot
      polyglot (>= 0.3.1)
    truncate_html (0.9.3)
    turbolinks (2.2.2)
      coffee-rails
    tzinfo (1.2.2)
      thread_safe (~> 0.1)
    uglifier (2.5.1)
      execjs (>= 0.3.0)
      json (>= 1.8.0)
    uniform_notifier (1.9.0)
    useragent (0.14.0)
    warden (1.2.3)
      rack (>= 1.0)

PLATFORMS
  ruby

DEPENDENCIES
  active_link_to (= 1.0.3)
  activeadmin!
  acts_as_list (= 0.3.0)
  annotate
  better_errors (= 1.1.0)
  binding_of_caller (= 0.7.2)
  bootstrap-sass (~> 3.1.1.1)
  bootstrap3-datetimepicker-rails (~> 3.1.3)
  browser_details (= 0.0.6)
  bullet
  carrierwave (= 0.10.0)
  carrierwave-aws (= 1.0.0)
  coffee-rails (~> 4.0.0)
  css_splitter (= 0.4.2)
  devise (= 3.2.4)
  devise_invitable (~> 1.3.4)
  file_validators
  fullcalendar-rails (~> 2.3.1)
  jbuilder (~> 2.0)
  jquery-rails (~> 3.1.2)
  jquery-turbolinks
  jquery-ui-rails (= 4.2.1)
  lograge (= 0.3.4)
  meta_request
  mini_magick (= 4.3.6)
  momentjs-rails (~> 2.8.4)
  monologue (= 0.4.1)
  newrelic_rpm
  opentok (= 2.2.1)
  pg (= 0.17.1)
  phony_rails (= 0.6.1)
  pry (= 0.10.0)
  pundit (= 0.2.2)
  rack-mini-profiler
  rails (= 4.1.1)
  remotipart (~> 1.2)
  rolify (= 3.4.1)
  route_downcaser (= 1.1.4)
  sass-rails (~> 4.0.3)
  sdoc (~> 0.4.0)
  sextant (= 0.2.4)
  simple_form (= 3.0.2)
  spring (= 1.1.3)
  stripe (= 1.16.0)
  stripe-rails (= 0.3.1)
  turbolinks (= 2.2.2)
  uglifier (>= 1.3.0)

BUNDLED WITH
   1.10.5
